GEM
  remote: http://rubygems.org/
  specs:
    backports (3.3.0)
    eventmachine (1.0.3)
    haml (4.0.2)
      tilt
    multi_json (1.7.3)
    open-uri-cached (0.0.5)
    rack (1.5.2)
    rack-protection (1.5.0)
      rack
    rack-ssl (1.3.3)
      rack
    rack-test (0.6.2)
      rack (>= 1.0)
    sass (3.2.9)
    sinatra (1.4.2)
      rack (~> 1.5, >= 1.5.2)
      rack-protection (~> 1.4)
      tilt (~> 1.3, >= 1.3.4)
    sinatra-contrib (1.4.0)
      backports (>= 2.0)
      eventmachine
      rack-protection
      rack-test
      sinatra (~> 1.4.2)
      tilt (~> 1.3)
    tilt (1.4.1)

PLATFORMS
  ruby

DEPENDENCIES
  haml
  multi_json
  open-uri-cached
  rack-ssl
  sass
  sinatra
  sinatra-contrib
